GIT
  remote: git://github.com/ahmadsoliman/airbrake_tools.git
  revision: f289da5ab6ed0e7d219e3b810e30ef468769a151
  specs:
    airbrake_tools (1.1.4)
      airbrake-api (>= 4.5.1)

GEM
  remote: https://rubygems.org/
  specs:
    airbrake-api (4.6.1)
      faraday_middleware
      hashie
      multi_xml
      parallel
    faraday (0.9.0)
      multipart-post (>= 1.2, < 3)
    faraday_middleware (0.9.1)
      faraday (>= 0.7.4, < 0.10)
    haml (4.0.6)
      tilt
    hashie (3.3.2)
    multi_xml (0.5.5)
    multipart-post (2.0.0)
    parallel (1.3.3)
    rack (1.6.0)
    rack-protection (1.5.3)
      rack
    sass (3.4.9)
    shotgun (0.9)
      rack (>= 1.0)
    sinatra (1.4.5)
      rack (~> 1.4)
      rack-protection (~> 1.4)
      tilt (~> 1.3, >= 1.3.4)
    tilt (1.4.1)

PLATFORMS
  ruby

DEPENDENCIES
  airbrake-api (~> 4.6.1)
  airbrake_tools!
  haml (~> 4.0.6)
  sass (~> 3.4.9)
  shotgun (~> 0.9)
  sinatra (~> 1.4.5)
